GEM
  remote: https://rubygems.org/
  specs:
    actionmailer (3.2.11)
      actionpack (= 3.2.11)
      mail (~> 2.4.4)
    actionpack (3.2.11)
      activemodel (= 3.2.11)
      activesupport (= 3.2.11)
      builder (~> 3.0.0)
      erubis (~> 2.7.0)
      journey (~> 1.0.4)
      rack (~> 1.4.0)
      rack-cache (~> 1.2)
      rack-test (~> 0.6.1)
      sprockets (~> 2.2.1)
    activemodel (3.2.11)
      activesupport (= 3.2.11)
      builder (~> 3.0.0)
    activerecord (3.2.11)
      activemodel (= 3.2.11)
      activesupport (= 3.2.11)
      arel (~> 3.0.2)
      tzinfo (~> 0.3.29)
    activeresource (3.2.11)
      activemodel (= 3.2.11)
      activesupport (= 3.2.11)
    activesupport (3.2.11)
      i18n (~> 0.6)
      multi_json (~> 1.0)
    acts-as-taggable-on (2.2.2)
      rails (~> 3.0)
    ancestry (1.2.5)
      activerecord (>= 2.2.2)
    arel (3.0.2)
    avatars_for_rails (0.2.9)
      foreigner (>= 0.9.1)
      jquery-rails (>= 1.0.9)
      paperclip (>= 2.3.4)
      rmagick (>= 2.13.1)
    bcrypt-ruby (3.0.1)
    builder (3.0.4)
    cancan (1.6.8)
    carrierwave (0.8.0)
      activemodel (>= 3.2.0)
      activesupport (>= 3.2.0)
    cocaine (0.4.2)
    coffee-rails (3.2.2)
      coffee-script (>= 2.2.0)
      railties (~> 3.2.0)
    coffee-script (2.2.0)
      coffee-script-source
      execjs
    coffee-script-source (1.4.0)
    deep_merge (1.0.0)
    delayed_paperclip (2.5.0.1)
      paperclip (>= 3.3.0)
    devise (2.1.2)
      bcrypt-ruby (~> 3.0)
      orm_adapter (~> 0.1)
      railties (~> 3.1)
      warden (~> 1.2.1)
    erubis (2.7.0)
    execjs (1.4.0)
      multi_json (~> 1.0)
    faraday (0.8.4)
      multipart-post (~> 1.1)
    foreigner (1.1.6)
      activerecord (>= 3.0.0)
    formtastic (2.2.1)
      actionpack (>= 3.0)
    ging-opengraph (0.0.5)
      hashie
      nokogiri (>= 1.4.0)
      rest-client (~> 1.6.0)
    has_scope (0.5.1)
    hashie (1.2.0)
    hike (1.2.1)
    httpauth (0.2.0)
    i18n (0.6.1)
    i18n-js (2.1.2)
      i18n
    inherited_resources (1.3.1)
      has_scope (~> 0.5.0)
      responders (~> 0.6)
    journey (1.0.4)
    jquery-rails (2.1.4)
      railties (>= 3.0, < 5.0)
      thor (>= 0.14, < 2.0)
    json (1.7.6)
    jwt (0.1.5)
      multi_json (>= 1.0)
    kaminari (0.13.0)
      actionpack (>= 3.0.0)
      activesupport (>= 3.0.0)
      railties (>= 3.0.0)
    linkser (0.0.14)
      ging-opengraph (~> 0.0.4)
      nokogiri (>= 1.4.0)
      rake
      rmagick (~> 2.13.1)
      ruby-imagespec (~> 0.2.0)
    mail (2.4.4)
      i18n (>= 0.4.0)
      mime-types (~> 1.16)
      treetop (~> 1.4.8)
    mailboxer (0.6.5)
      carrierwave (>= 0.5.8)
      foreigner (>= 0.9.1)
      rails (> 3.0.0)
    mime-types (1.19)
    modernizr-rails (2.0.6)
    multi_json (1.5.0)
    multipart-post (1.1.5)
    net-sftp (2.0.5)
      net-ssh (>= 2.0.9)
    net-ssh (2.6.3)
    nokogiri (1.5.6)
    oauth (0.4.7)
    oauth2 (0.8.0)
      faraday (~> 0.8)
      httpauth (~> 0.1)
      jwt (~> 0.1.4)
      multi_json (~> 1.0)
      rack (~> 1.2)
    omniauth (1.0.3)
      hashie (~> 1.2)
      rack
    omniauth-facebook (1.2.0)
      omniauth-oauth2 (~> 1.0.0)
    omniauth-linkedin (0.0.8)
      omniauth-oauth (~> 1.0)
    omniauth-oauth (1.0.1)
      oauth
      omniauth (~> 1.0)
    omniauth-oauth2 (1.0.3)
      oauth2 (~> 0.8.0)
      omniauth (~> 1.0)
    orm_adapter (0.4.0)
    paperclip (3.3.1)
      activemodel (>= 3.0.0)
      activerecord (>= 3.0.0)
      activesupport (>= 3.0.0)
      cocaine (~> 0.4.0)
      mime-types
    paperclip-ffmpeg (0.9.4)
      paperclip (>= 0.9.2)
      paperclip (>= 2.5.2)
    pg (0.14.1)
    polyglot (0.3.3)
    proudhon (0.3.7)
      json
      nokogiri
      rest-client
    rack (1.4.4)
    rack-cache (1.2)
      rack (>= 0.4)
    rack-protection (1.3.2)
      rack
    rack-ssl (1.3.3)
      rack
    rack-test (0.6.2)
      rack (>= 1.0)
    rails (3.2.11)
      actionmailer (= 3.2.11)
      actionpack (= 3.2.11)
      activerecord (= 3.2.11)
      activeresource (= 3.2.11)
      activesupport (= 3.2.11)
      bundler (~> 1.0)
      railties (= 3.2.11)
    rails-scheduler (0.0.9)
      rails (>= 3.1.0)
      recurrence (~> 1.2.0)
    rails_autolink (1.0.9)
      rails (~> 3.1)
    rails_engine_decorators (0.0.1)
      railties (~> 3.2.8)
    railties (3.2.11)
      actionpack (= 3.2.11)
      activesupport (= 3.2.11)
      rack-ssl (~> 1.3.2)
      rake (>= 0.8.7)
      rdoc (~> 3.4)
      thor (>= 0.14.6, < 2.0)
    rake (10.0.3)
    rdoc (3.12)
      json (~> 1.4)
    recurrence (1.2.0)
      activesupport (>= 2.3.0)
      i18n
    redis (3.0.2)
    redis-namespace (1.2.1)
      redis (~> 3.0.0)
    responders (0.9.3)
      railties (~> 3.1)
    resque (1.23.0)
      multi_json (~> 1.0)
      redis-namespace (~> 1.0)
      sinatra (>= 0.9.2)
      vegas (~> 0.1.2)
    rest-client (1.6.7)
      mime-types (>= 1.16)
    riddle (1.5.4)
    rmagick (2.13.1)
    ruby-imagespec (0.2.0)
    sass (3.2.5)
    sass-rails (3.2.6)
      railties (~> 3.2.0)
      sass (>= 3.1.10)
      tilt (~> 1.3)
    sinatra (1.3.3)
      rack (~> 1.3, >= 1.3.6)
      rack-protection (~> 1.2)
      tilt (~> 1.3, >= 1.3.3)
    social_cheesecake (0.5.0)
      railties (>= 3.1.3)
    social_stream (1.1.0)
      social_stream-base (~> 1.1.0)
      social_stream-documents (~> 1.1.0)
      social_stream-events (~> 1.1.0)
      social_stream-linkser (~> 1.1.0)
      social_stream-ostatus (~> 1.1.0)
      social_stream-presence (~> 1.1.0)
    social_stream-base (1.1.0)
      acts-as-taggable-on (~> 2.2.2)
      ancestry (~> 1.2.3)
      avatars_for_rails (~> 0.2.8)
      cancan (~> 1.6.7)
      deep_merge
      devise (~> 2.1.2)
      foreigner (~> 1.1.1)
      formtastic (>= 1.2.3)
      i18n-js (~> 2.1.2)
      inherited_resources (~> 1.3.0)
      jquery-rails (>= 1.0.9)
      kaminari (~> 0.13.0)
      mailboxer (~> 0.6.5)
      modernizr-rails (~> 2.0.6)
      omniauth (~> 1.0.2)
      omniauth-facebook (~> 1.2.0)
      omniauth-linkedin (~> 0.0.6)
      rails (>= 3.1.0)
      rails_autolink (~> 1.0.4)
      rails_engine_decorators
      resque (~> 1.23.0)
      sass-rails (>= 3.1.0)
      social_cheesecake (~> 0.5.0)
      stringex (~> 1.3.0)
      strong_parameters (~> 0.1.5)
      thinking-sphinx (~> 2.0.8)
    social_stream-documents (1.1.0)
      delayed_paperclip (>= 2.4.5.2)
      paperclip (~> 3.3.0)
      paperclip-ffmpeg (~> 0.9.0)
      social_stream-base (~> 1.1.0)
    social_stream-events (1.1.0)
      rails-scheduler (~> 0.0.8)
      social_stream-base (~> 1.1.0)
    social_stream-linkser (1.1.0)
      linkser (~> 0.0.12)
      social_stream-base (~> 1.1.0)
    social_stream-ostatus (1.1.0)
      nokogiri (> 1.4.4)
      proudhon (>= 0.3.6)
      social_stream-base (~> 1.1.0)
    social_stream-presence (1.1.0)
      net-sftp
      net-ssh
      social_stream-base (~> 1.1.0)
      xmpp4r
    sprockets (2.2.2)
      hike (~> 1.2)
      multi_json (~> 1.0)
      rack (~> 1.0)
      tilt (~> 1.1, != 1.3.0)
    stringex (1.3.3)
    strong_parameters (0.1.6)
      actionpack (~> 3.0)
      activemodel (~> 3.0)
      railties (~> 3.0)
    thinking-sphinx (2.0.14)
      activerecord (>= 3.0.3)
      builder (>= 2.1.2)
      riddle (>= 1.5.3)
    thor (0.17.0)
    tilt (1.3.3)
    treetop (1.4.12)
      polyglot
      polyglot (>= 0.3.1)
    tzinfo (0.3.35)
    uglifier (1.3.0)
      execjs (>= 0.3.0)
      multi_json (~> 1.0, >= 1.0.2)
    vegas (0.1.11)
      rack (>= 1.0.0)
    warden (1.2.1)
      rack (>= 1.0)
    xmpp4r (0.5)

PLATFORMS
  ruby

DEPENDENCIES
  coffee-rails (~> 3.2.1)
  jquery-rails (= 2.1.4)
  pg
  rails (= 3.2.11)
  sass-rails (~> 3.2.3)
  social_stream (>= 1.0.0)
  uglifier (>= 1.0.3)
